{
    "TaskName": "trial1",
    "InstitutionName": "University of Washington",
    "InstitutionAddress": "Seattle, Washington, USA",
    "Manufacturer": "N/A",
    "ManufacturersModelName": "N/A",
    "CapManufacturer": "N/A",
    "CapModelName": "N/A",
    "SamplingFrequency": 10000.0,
    "PowerLineFrequency": 60,
    "EEGReference": "subcutaneous near scalp",
    "EEGGround": "N/A",
    "EEGPlacementScheme": "1 channel in L+R visual cortices and L+R somatosensory cortices",
    "RecordingType": "continuous",
    "RecordingDuration": 3600.0,
    "SoftwareFilters": {
        "HighpassFilter": {
            "CutoffFrequency": 5,
            "FilterType": "Butterworth"
        },
        "LowpassFilter": {
            "CutoffFrequency": 55,
            "FilterType": "Butterworth"
        }
    },
    "HardwareFilters": {
        "HighpassFilter": {
            "CutoffFrequency": 0.1,
            "FilterType": "Hardware"
        },
        "LowpassFilter": {
            "CutoffFrequency": 100,
            "FilterType": "Hardware"
        }
    },
    "EOGChannelCount": 0,
    "ECGChannelCount": 0,
    "MiscChannelCount": 0,
    "TriggerChannelCount": 1
}